GEM
  specs:
    haml (4.0.3)
      tilt
    httparty (0.8.3)
      multi_json (~> 1.0)
      multi_xml
    json (1.8.0)
    multi_json (1.8.0)
    multi_xml (0.5.1)
    rack (1.4.5)
    rack-protection (1.2.0)
      rack
    sinatra (1.3.3)
      rack (~> 1.3, >= 1.3.6)
      rack-protection (~> 1.2)
      tilt (~> 1.3, >= 1.3.3)
    tilt (1.4.1)

PLATFORMS
  ruby

DEPENDENCIES
  haml
  httparty
  json
  sinatra
